GIT
  remote: git://github.com/harlantwood/html_massage.git
  revision: 58541b199cf7de023813ec6422dad6e4c9c9a165
  specs:
    html_massage (0.1.1)
      nokogiri (~> 1.4.4)
      sanitize (~> 2.0.0)

GEM
  remote: http://rubygems.org/
  specs:
    active_support (3.0.0)
      activesupport (= 3.0.0)
    activesupport (3.0.0)
    addressable (2.2.8)
    anemone (0.7.1)
      nokogiri (>= 1.3.0)
      robotex (>= 1.0.0)
    awesome_print (1.0.2)
    chronic (0.6.7)
    daemons (1.1.8)
    eventmachine (0.12.10)
    fast-stemmer (1.0.1)
    foreman (0.46.0)
      thor (>= 0.13.6)
    haml (3.1.4)
    heroku (2.25.0)
      launchy (>= 0.3.2)
      netrc (~> 0.7.1)
      rest-client (~> 1.6.1)
      rubyzip
    i18n (0.6.0)
    json (1.7.0)
    launchy (2.1.0)
      addressable (~> 2.2.6)
    mime-types (1.18)
    netrc (0.7.1)
    nokogiri (1.4.7)
    pismo (0.7.2)
      awesome_print
      chronic
      fast-stemmer
      nokogiri
      sanitize
      shoulda
    rack (1.4.1)
    rack-protection (1.2.0)
      rack
    rerun (0.6.5)
    rest-client (1.6.7)
      mime-types (>= 1.16)
    robotex (1.0.0)
    rubyzip (0.9.8)
    sanitize (2.0.3)
      nokogiri (>= 1.4.4, < 1.6)
    shoulda (3.0.1)
      shoulda-context (~> 1.0.0)
      shoulda-matchers (~> 1.0.0)
    shoulda-context (1.0.0)
    shoulda-matchers (1.0.0)
    sinatra (1.3.2)
      rack (~> 1.3, >= 1.3.6)
      rack-protection (~> 1.2)
      tilt (~> 1.3, >= 1.3.3)
    thin (1.3.1)
      daemons (>= 1.0.9)
      eventmachine (>= 0.12.6)
      rack (>= 1.0.0)
    thor (0.15.2)
    tilt (1.3.3)

PLATFORMS
  ruby

DEPENDENCIES
  active_support
  anemone
  awesome_print
  foreman
  haml
  heroku
  html_massage!
  i18n
  json
  nokogiri
  pismo
  rerun
  rest-client
  sinatra
  thin
