GIT
  remote: git://github.com/harlantwood/html_massage.git
  revision: e1fb795b7d7d0c0ada5bf250f447692f3ba34bd4
  ref: master
  specs:
    html_massage (0.1.1)
      nokogiri (~> 1.4.4)
      sanitize (~> 2.0.0)

GEM
  remote: http://rubygems.org/
  specs:
    addressable (2.2.8)
    anemone (0.7.1)
      nokogiri (>= 1.3.0)
      robotex (>= 1.0.0)
    awesome_print (1.0.2)
    chronic (0.6.7)
    fast-stemmer (1.0.1)
    haml (3.1.4)
    heroku (2.25.0)
      launchy (>= 0.3.2)
      netrc (~> 0.7.1)
      rest-client (~> 1.6.1)
      rubyzip
    json (1.7.0)
    launchy (2.1.0)
      addressable (~> 2.2.6)
    mime-types (1.18)
    netrc (0.7.1)
    nokogiri (1.4.7)
    pismo (0.7.2)
      awesome_print
      chronic
      fast-stemmer
      nokogiri
      sanitize
      shoulda
    rack (1.4.1)
    rack-protection (1.2.0)
      rack
    rest-client (1.6.7)
      mime-types (>= 1.16)
    robotex (1.0.0)
    rubyzip (0.9.8)
    sanitize (2.0.3)
      nokogiri (>= 1.4.4, < 1.6)
    shotgun (0.9)
      rack (>= 1.0)
    shoulda (3.0.1)
      shoulda-context (~> 1.0.0)
      shoulda-matchers (~> 1.0.0)
    shoulda-context (1.0.0)
    shoulda-matchers (1.0.0)
    sinatra (1.3.2)
      rack (~> 1.3, >= 1.3.6)
      rack-protection (~> 1.2)
      tilt (~> 1.3, >= 1.3.3)
    tilt (1.3.3)

PLATFORMS
  ruby

DEPENDENCIES
  anemone
  awesome_print
  haml
  heroku
  html_massage!
  json
  nokogiri
  pismo
  rest-client
  shotgun
  sinatra
